GEM
  remote: https://rubygems.org/
  specs:
    activemodel (5.1.7)
      activesupport (= 5.1.7)
    activerecord (5.1.7)
      activemodel (= 5.1.7)
      activesupport (= 5.1.7)
      arel (~> 8.0)
    activerecord-utils (0.4.0)
      activerecord
      logutils
    activesupport (5.1.7)
      concurrent-ruby (~> 1.0, >= 1.0.2)
      i18n (>= 0.7, < 2)
      minitest (~> 5.1)
      tzinfo (~> 1.1)
    activityutils (0.1.1)
      logutils (>= 0.5)
    arel (8.0.0)
    concurrent-ruby (1.1.5)
    feedfilter (1.1.1)
      textutils (>= 1.0.1)
    feedparser (2.1.1)
      logutils (>= 0.6.1)
      textutils (>= 1.0.0)
    fetcher (0.4.5)
      logutils (>= 0.6)
    ffi (1.10.0)
    gli (2.18.0)
    i18n (1.6.0)
      concurrent-ruby (~> 1.0)
    iniparser (0.1.0)
    liquid (4.0.3)
    logutils (0.6.1)
    logutils-activerecord (0.2.1)
      activerecord
      logutils (>= 0.6.1)
    minitest (5.11.3)
    pakman (1.1.0)
      fetcher (>= 0.4.5)
      liquid (>= 4.0.0)
      logutils (>= 0.6.1)
    pluto (1.3.1)
      gli (>= 2.12.2)
      pluto-merge (>= 1.1.0)
      pluto-models (>= 1.4.0)
      pluto-tasks (>= 1.5.2)
      pluto-update (>= 1.6.0)
      sqlite3
    pluto-feedfetcher (0.1.1)
      fetcher (>= 0.4.4)
      pluto-models (>= 1.3.2)
    pluto-merge (1.1.0)
      fetcher (>= 0.4.4)
      pakman (>= 0.5.0)
      pluto-models (>= 1.2.2)
    pluto-models (1.5.0)
      activerecord
      activerecord-utils (>= 0.4.0)
      activityutils (>= 0.1.1)
      feedfilter (>= 1.1.1)
      feedparser (>= 2.1.0)
      logutils (>= 0.6.1)
      logutils-activerecord (>= 0.2.1)
      props (>= 1.2.0)
      props-activerecord (>= 0.2.0)
      textutils (>= 1.4.0)
    pluto-tasks (1.5.3)
      pluto-models (>= 1.4.0)
      pluto-update (>= 1.6.0)
    pluto-update (1.6.0)
      fetcher (>= 0.4.4)
      pluto-feedfetcher (>= 0.1.0)
      pluto-models (>= 1.4.0)
      preproc (>= 0.1.0)
    preproc (0.1.0)
      fetcher
      logutils
    props (1.2.0)
      iniparser (>= 0.1.0)
    props-activerecord (0.2.0)
      activerecord
      props (>= 1.2.0)
    rb-fsevent (0.10.3)
    rb-inotify (0.10.0)
      ffi (~> 1.0)
    rubyzip (1.2.2)
    sass (3.7.3)
      sass-listen (~> 4.0.0)
    sass-listen (4.0.0)
      rb-fsevent (~> 0.9, >= 0.9.4)
      rb-inotify (~> 0.9, >= 0.9.7)
    sqlite3 (1.4.0)
    textutils (1.4.0)
      activesupport
      logutils (>= 0.6.1)
      props (>= 1.1.2)
      rubyzip (>= 1.0.0)
    thread_safe (0.3.6)
    tzinfo (1.2.5)
      thread_safe (~> 0.1)

PLATFORMS
  ruby

DEPENDENCIES
  activerecord (~> 5.1.0)
  pluto
  sass
  sqlite3

RUBY VERSION
   ruby 2.5.3p105

BUNDLED WITH
   1.17.3
